GEM
  remote: https://rubygems.org/
  specs:
    active_support (3.0.0)
      activesupport (= 3.0.0)
    activesupport (3.0.0)
    json (1.8.0)

PLATFORMS
  x86-mingw32

DEPENDENCIES
  active_support
  json
